GIT
  remote: https://github.com/gauleng/pgn.git
  revision: 9e99a5f14be588e94290cd92492283fe24a09c70
  branch: pgn-annotations
  specs:
    pgn (0.0.6)
      whittle

GEM
  specs:
    addressable (2.3.6)
    data_objects (0.10.14)
      addressable (~> 2.1)
    descriptive_statistics (1.1.5)
    dm-aggregates (1.2.0)
      dm-core (~> 1.2.0)
    dm-core (1.2.1)
      addressable (~> 2.3)
    dm-do-adapter (1.2.0)
      data_objects (~> 0.10.6)
      dm-core (~> 1.2.0)
    dm-migrations (1.2.0)
      dm-core (~> 1.2.0)
    dm-postgres-adapter (1.2.0)
      dm-do-adapter (~> 1.2.0)
      do_postgres (~> 0.10.6)
    dm-timestamps (1.2.0)
      dm-core (~> 1.2.0)
    do_postgres (0.10.14)
      data_objects (= 0.10.14)
    whittle (0.0.8)

PLATFORMS
  ruby

DEPENDENCIES
  descriptive_statistics
  dm-aggregates
  dm-core
  dm-migrations
  dm-postgres-adapter
  dm-timestamps
  pgn!
