GIT
  remote: https://github.com/gauleng/pgn.git
  revision: 9e99a5f14be588e94290cd92492283fe24a09c70
  branch: pgn-annotations
  specs:
    pgn (0.0.6)
      whittle

GEM
  specs:
    descriptive_statistics (1.1.5)
    whittle (0.0.8)

PLATFORMS
  ruby

DEPENDENCIES
  descriptive_statistics
  pgn!
